PATH
  remote: .
  specs:
    active_campaign_integration (0.1.0)

GEM
  remote: https://rubygems.org/
  specs:
    rake (12.3.3)

PLATFORMS
  ruby

DEPENDENCIES
  active_campaign_integration!
  rake (~> 12.0)

BUNDLED WITH
   2.1.2
